Brain Vision Data Exchange Header File Version 1.0
; Data created by the Vision Recorder

[Common Infos]
Codepage=UTF-8
DataFile=sub30_a1_0.eeg
MarkerFile=sub30_a1_0.vmrk
DataFormat=BINARY
; Data orientation: MULTIPLEXED=ch1,pt1, ch2,pt1 ...
DataOrientation=MULTIPLEXED
NumberOfChannels=64
; Sampling interval in microseconds
SamplingInterval=2000

[Binary Infos]
BinaryFormat=INT_16

[Channel Infos]
; Each entry: Ch<Channel number>=<Name>,<Reference channel name>,
; <Resolution in "Unit">,<Unit>, Future extensions..
; Fields are delimited by commas, some fields might be omitted (empty).
; Commas in channel names are coded as "\1".
Ch1=Fp1,,0.1,µV
Ch2=Fz,,0.1,µV
Ch3=F3,,0.1,µV
Ch4=F7,,0.1,µV
Ch5=FT9,,0.1,µV
Ch6=FC5,,0.1,µV
Ch7=FC1,,0.1,µV
Ch8=C3,,0.1,µV
Ch9=T7,,0.1,µV
Ch10=TP9,,0.1,µV
Ch11=CP5,,0.1,µV
Ch12=CP1,,0.1,µV
Ch13=Pz,,0.1,µV
Ch14=P3,,0.1,µV
Ch15=P7,,0.1,µV
Ch16=O1,,0.1,µV
Ch17=Oz,,0.1,µV
Ch18=O2,,0.1,µV
Ch19=P4,,0.1,µV
Ch20=P8,,0.1,µV
Ch21=TP10,,0.1,µV
Ch22=CP6,,0.1,µV
Ch23=CP2,,0.1,µV
Ch24=Cz,,0.1,µV
Ch25=C4,,0.1,µV
Ch26=T8,,0.1,µV
Ch27=FT10,,0.1,µV
Ch28=FC6,,0.1,µV
Ch29=FC2,,0.1,µV
Ch30=F4,,0.1,µV
Ch31=F8,,0.1,µV
Ch32=Fp2,,0.1,µV
Ch33=AF7,,0.1,µV
Ch34=AF3,,0.1,µV
Ch35=AFz,,0.1,µV
Ch36=F1,,0.1,µV
Ch37=F5,,0.1,µV
Ch38=FT7,,0.1,µV
Ch39=FC3,,0.1,µV
Ch40=C1,,0.1,µV
Ch41=C5,,0.1,µV
Ch42=TP7,,0.1,µV
Ch43=CP3,,0.1,µV
Ch44=P1,,0.1,µV
Ch45=P5,,0.1,µV
Ch46=PO7,,0.1,µV
Ch47=PO3,,0.1,µV
Ch48=POz,,0.1,µV
Ch49=PO4,,0.1,µV
Ch50=PO8,,0.1,µV
Ch51=P6,,0.1,µV
Ch52=P2,,0.1,µV
Ch53=CPz,,0.1,µV
Ch54=CP4,,0.1,µV
Ch55=TP8,,0.1,µV
Ch56=C6,,0.1,µV
Ch57=C2,,0.1,µV
Ch58=FC4,,0.1,µV
Ch59=FT8,,0.1,µV
Ch60=F6,,0.1,µV
Ch61=AF8,,0.1,µV
Ch62=AF4,,0.1,µV
Ch63=F2,,0.1,µV
Ch64=Iz,,0.1,µV

[Coordinates]
; Electrode Position File: E:\actiCAP_snap_CACS_CAS_GACS-v2\actiCap_snap_CACS_CAS_GACS\actiCap_slim_for BrainAmpDC\CACS-64\CACS-64_REF.bvef
Ch1=1,-90,-72
Ch2=1,45,90
Ch3=1,-60,-51
Ch4=1,-90,-36
Ch5=1,-113,-18
Ch6=1,-69,-22
Ch7=1,-31,-46
Ch8=1,-45,0
Ch9=1,-90,0
Ch10=1,-113,18
Ch11=1,-69,21
Ch12=1,-31,46
Ch13=1,45,-90
Ch14=1,-60,51
Ch15=1,-90,36
Ch16=1,-90,72
Ch17=1,90,-90
Ch18=1,90,-72
Ch19=1,60,-51
Ch20=1,90,-36
Ch21=1,113,-18
Ch22=1,69,-21
Ch23=1,31,-46
Ch24=1,0,0
Ch25=1,45,0
Ch26=1,90,0
Ch27=1,113,18
Ch28=1,69,21
Ch29=1,31,46
Ch30=1,60,51
Ch31=1,90,36
Ch32=1,90,72
Ch33=1,-90,-54
Ch34=1,-74,-68
Ch35=1,67,90
Ch36=1,-49,-68
Ch37=1,-74,-41
Ch38=1,-90,-18
Ch39=1,-49,-29
Ch40=1,-23,0
Ch41=1,-68,0
Ch42=1,-90,18
Ch43=1,-49,29
Ch44=1,-49,68
Ch45=1,-74,41
Ch46=1,-90,54
Ch47=1,-74,68
Ch48=1,67,-90
Ch49=1,74,-68
Ch50=1,90,-54
Ch51=1,74,-41
Ch52=1,49,-68
Ch53=1,22,-90
Ch54=1,49,-29
Ch55=1,90,-18
Ch56=1,68,0
Ch57=1,23,0
Ch58=1,49,29
Ch59=1,90,18
Ch60=1,74,41
Ch61=1,90,54
Ch62=1,74,68
Ch63=1,49,68
Ch64=1,112,-90

[Comment]

BrainVision Recorder Professional   -   V. 1.21.0402


A m p l i f i e r  S e t u p
============================
Number of channels: 64
Sampling Rate [Hz]: 500
Sampling Interval [µS]: 2000

Channels
--------
#     Name      Phys. Chn.    Resolution / Unit   Low Cutoff [s]   High Cutoff [Hz]   Notch [Hz]    Series Res. [kOhm] Gradient         Offset
1     Fp1         1                0.1 µV             10             1000              Off                0                 
2     Fz          2                0.1 µV             10             1000              Off                0                 
3     F3          3                0.1 µV             10             1000              Off                0                 
4     F7          4                0.1 µV             10             1000              Off                0                 
5     FT9         5                0.1 µV             10             1000              Off                0                 
6     FC5         6                0.1 µV             10             1000              Off                0                 
7     FC1         7                0.1 µV             10             1000              Off                0                 
8     C3          8                0.1 µV             10             1000              Off                0                 
9     T7          9                0.1 µV             10             1000              Off                0                 
10    TP9         10               0.1 µV             10             1000              Off                0                 
11    CP5         11               0.1 µV             10             1000              Off                0                 
12    CP1         12               0.1 µV             10             1000              Off                0                 
13    Pz          13               0.1 µV             10             1000              Off                0                 
14    P3          14               0.1 µV             10             1000              Off                0                 
15    P7          15               0.1 µV             10             1000              Off                0                 
16    O1          16               0.1 µV             10             1000              Off                0                 
17    Oz          17               0.1 µV             10             1000              Off                0                 
18    O2          18               0.1 µV             10             1000              Off                0                 
19    P4          19               0.1 µV             10             1000              Off                0                 
20    P8          20               0.1 µV             10             1000              Off                0                 
21    TP10        21               0.1 µV             10             1000              Off                0                 
22    CP6         22               0.1 µV             10             1000              Off                0                 
23    CP2         23               0.1 µV             10             1000              Off                0                 
24    Cz          24               0.1 µV             10             1000              Off                0                 
25    C4          25               0.1 µV             10             1000              Off                0                 
26    T8          26               0.1 µV             10             1000              Off                0                 
27    FT10        27               0.1 µV             10             1000              Off                0                 
28    FC6         28               0.1 µV             10             1000              Off                0                 
29    FC2         29               0.1 µV             10             1000              Off                0                 
30    F4          30               0.1 µV             10             1000              Off                0                 
31    F8          31               0.1 µV             10             1000              Off                0                 
32    Fp2         32               0.1 µV             10             1000              Off                0                 
33    AF7         33               0.1 µV             10             1000              Off                0                 
34    AF3         34               0.1 µV             10             1000              Off                0                 
35    AFz         35               0.1 µV             10             1000              Off                0                 
36    F1          36               0.1 µV             10             1000              Off                0                 
37    F5          37               0.1 µV             10             1000              Off                0                 
38    FT7         38               0.1 µV             10             1000              Off                0                 
39    FC3         39               0.1 µV             10             1000              Off                0                 
40    C1          40               0.1 µV             10             1000              Off                0                 
41    C5          41               0.1 µV             10             1000              Off                0                 
42    TP7         42               0.1 µV             10             1000              Off                0                 
43    CP3         43               0.1 µV             10             1000              Off                0                 
44    P1          44               0.1 µV             10             1000              Off                0                 
45    P5          45               0.1 µV             10             1000              Off                0                 
46    PO7         46               0.1 µV             10             1000              Off                0                 
47    PO3         47               0.1 µV             10             1000              Off                0                 
48    POz         48               0.1 µV             10             1000              Off                0                 
49    PO4         49               0.1 µV             10             1000              Off                0                 
50    PO8         50               0.1 µV             10             1000              Off                0                 
51    P6          51               0.1 µV             10             1000              Off                0                 
52    P2          52               0.1 µV             10             1000              Off                0                 
53    CPz         53               0.1 µV             10             1000              Off                0                 
54    CP4         54               0.1 µV             10             1000              Off                0                 
55    TP8         55               0.1 µV             10             1000              Off                0                 
56    C6          56               0.1 µV             10             1000              Off                0                 
57    C2          57               0.1 µV             10             1000              Off                0                 
58    FC4         58               0.1 µV             10             1000              Off                0                 
59    FT8         59               0.1 µV             10             1000              Off                0                 
60    F6          60               0.1 µV             10             1000              Off                0                 
61    AF8         61               0.1 µV             10             1000              Off                0                 
62    AF4         62               0.1 µV             10             1000              Off                0                 
63    F2          63               0.1 µV             10             1000              Off                0                 
64    Iz          64               0.1 µV             10             1000              Off                0                 

S o f t w a r e  F i l t e r s
==============================
Disabled


Data Electrodes Selected Impedance Measurement Range: 0 - 100 kOhm
Ground Electrode Selected Impedance Measurement Range: 0 - 10 kOhm
Reference Electrode Selected Impedance Measurement Range: 0 - 10 kOhm
Impedance [kOhm] at 16:45:05 :
Fp1:          0
Fz:           0
F3:           0
F7:           0
FT9:          0
FC5:          0
FC1:          0
C3:           0
T7:           0
TP9:          0
CP5:          0
CP1:          0
Pz:           0
P3:           0
P7:           0
O1:           0
Oz:           0
O2:           0
P4:           0
P8:           0
TP10:         0
CP6:          0
CP2:          0
Cz:           0
C4:           0
T8:           0
FT10:         0
FC6:          0
FC2:          0
F4:           0
F8:           0
Fp2:          0
AF7:          0
AF3:          0
AFz:          0
F1:           0
F5:           0
FT7:          0
FC3:          0
C1:           0
C5:           0
TP7:          0
CP3:          0
P1:           0
P5:           0
PO7:          0
PO3:          0
POz:          0
PO4:          0
PO8:          0
P6:           0
P2:           0
CPz:          0
CP4:          0
TP8:          0
C6:           0
C2:           0
FC4:          0
FT8:          0
F6:           0
AF8:          0
AF4:          0
F2:           0
Iz:           0
Ref:          0
Gnd:          0
